GIT
  remote: git://github.com/croaky/ruby-trello.git
  revision: c3654e3e67a88af0dd67fbed64846404f22c6c87
  branch: upgrade-rest-client
  specs:
    ruby-trello (1.2.1)
      activemodel (>= 3.2.0)
      addressable (~> 2.3)
      json
      oauth (~> 0.4.5)
      rest-client (~> 1.8.0)

GIT
  remote: git://github.com/netguru/app_konfig.git
  revision: ed7d1f0e63bb31e7cc3eb6769ee1912370dc320a
  specs:
    app_konfig (0.0.2)
      activesupport (>= 3.2)

GEM
  remote: https://rubygems.org/
  specs:
    activemodel (4.2.4)
      activesupport (= 4.2.4)
      builder (~> 3.1)
    activesupport (4.2.4)
      i18n (~> 0.7)
      json (~> 1.7, >= 1.7.7)
      minitest (~> 5.1)
      thread_safe (~> 0.3, >= 0.3.4)
      tzinfo (~> 1.1)
    addressable (2.3.8)
    builder (3.2.2)
    coderay (1.1.0)
    domain_name (0.5.24)
      unf (>= 0.0.5, < 1.0.0)
    eventmachine (1.0.8)
    faraday (0.9.1)
      multipart-post (>= 1.2, < 3)
    faye-websocket (0.10.0)
      eventmachine (>= 0.12.0)
      websocket-driver (>= 0.5.1)
    http-cookie (1.0.2)
      domain_name (~> 0.5)
    http_router (0.11.2)
      rack (>= 1.0.0)
      url_mount (~> 0.2.1)
    i18n (0.7.0)
    ice_nine (0.11.1)
    json (1.8.3)
    lita (4.6.0)
      bundler (>= 1.3)
      faraday (>= 0.8.7)
      http_router (>= 0.11.2)
      i18n (>= 0.6.9)
      ice_nine (>= 0.11.0)
      multi_json (>= 1.7.7)
      puma (>= 2.7.1)
      rack (>= 1.5.2)
      rb-readline (>= 0.5.1)
      redis-namespace (>= 1.3.0)
      thor (>= 0.18.1)
    lita-slack (1.6.0)
      eventmachine
      faraday
      faye-websocket (>= 0.8.0)
      lita (>= 4.6.0)
      multi_json
    method_source (0.8.2)
    mime-types (2.6.1)
    minitest (5.8.0)
    multi_json (1.11.2)
    multipart-post (2.0.0)
    netrc (0.10.3)
    oauth (0.4.7)
    pry (0.10.1)
      coderay (~> 1.1.0)
      method_source (~> 0.8.1)
      slop (~> 3.4)
    puma (2.13.4)
    rack (1.6.4)
    rb-readline (0.5.3)
    redis (3.2.1)
    redis-namespace (1.5.2)
      redis (~> 3.0, >= 3.0.4)
    rest-client (1.8.0)
      http-cookie (>= 1.0.2, < 2.0)
      mime-types (>= 1.16, < 3.0)
      netrc (~> 0.7)
    slop (3.6.0)
    thor (0.19.1)
    thread_safe (0.3.5)
    tzinfo (1.2.2)
      thread_safe (~> 0.1)
    unf (0.1.4)
      unf_ext
    unf_ext (0.0.7.1)
    url_mount (0.2.1)
      rack
    websocket-driver (0.6.2)
      websocket-extensions (>= 0.1.0)
    websocket-extensions (0.1.2)

PLATFORMS
  ruby

DEPENDENCIES
  app_konfig!
  lita
  lita-slack
  pry
  ruby-trello!

BUNDLED WITH
   1.10.6
